GIT
  remote: git@github.com:jdfdesign/gko_cms_rails_3.git
  revision: 3bad88216508c2665debd21f5f2c71e2101ac100
  specs:
    gko_auth (0.1.74)
      cancan (= 1.6.7)
      devise (= 2.0.4)
      gko_core
    gko_documents (0.1.74)
      dragonfly (~> 0.9.8)
      gko_core
      mime-types
      rack-cache (>= 0.5.3)
    gko_images (0.1.74)
      dragonfly (~> 0.9.10)
      gko_core
      mime-types
      rack-cache (>= 0.5.3)
    gko_inquiries (0.1.74)
      filters_spam (~> 0.2)
      gko_core
      launchy

GIT
  remote: git@github.com:jdfdesign/gko_cms_rails_3.git
  revision: 3bad88216508c2665debd21f5f2c71e2101ac100
  specs:
    gko_core (0.1.74)
      activesupport-slices (= 0.0.2)
      acts_as_indexed (~> 0.7.7)
      capistrano
      coffee-rails (~> 3.1.1)
      crummy (>= 1.0.1)
      exception_notification
      faker (= 1.0.0)
      gem-patching (= 0.0.3)
      globalize3 (= 0.2.0)
      has_scope (~> 0.5.1)
      highline (= 1.6.8)
      i18n-missing_translations (= 0.0.1)
      inherited_resources (= 1.3.0)
      jquery-rails (>= 1.0.17)
      json
      mysql2 (= 0.3.10)
      nested_set (= 1.7.0)
      rails (= 3.1.4)
      routing-filter (= 0.3.0)
      sass-rails (~> 3.1.5.rc2)
      silence_log_tailer (= 0.0.1)
      simple_form (= 2.0.1)
      truncate_html (~> 0.5)
      uglifier (>= 1.0.3)
      uuid (= 2.3.5)
      will_paginate (~> 3.0.2)

GEM
  remote: http://rubygems.org/
  remote: http://rubygems.org/
  specs:
    actionmailer (3.1.4)
      actionpack (= 3.1.4)
      mail (~> 2.3.0)
    actionpack (3.1.4)
      activemodel (= 3.1.4)
      activesupport (= 3.1.4)
      builder (~> 3.0.0)
      erubis (~> 2.7.0)
      i18n (~> 0.6)
      rack (~> 1.3.6)
      rack-cache (~> 1.1)
      rack-mount (~> 0.8.2)
      rack-test (~> 0.6.1)
      sprockets (~> 2.0.3)
    activemodel (3.1.4)
      activesupport (= 3.1.4)
      builder (~> 3.0.0)
      i18n (~> 0.6)
    activerecord (3.1.4)
      activemodel (= 3.1.4)
      activesupport (= 3.1.4)
      arel (~> 2.2.3)
      tzinfo (~> 0.3.29)
    activeresource (3.1.4)
      activemodel (= 3.1.4)
      activesupport (= 3.1.4)
    activesupport (3.1.4)
      multi_json (~> 1.0)
    activesupport-slices (0.0.2)
    acts_as_indexed (0.7.7)
    addressable (2.2.7)
    arel (2.2.3)
    bcrypt-ruby (3.0.1)
    builder (3.0.0)
    cancan (1.6.7)
    capistrano (2.11.2)
      highline
      net-scp (>= 1.0.0)
      net-sftp (>= 2.0.0)
      net-ssh (>= 2.0.14)
      net-ssh-gateway (>= 1.1.0)
    coffee-rails (3.1.1)
      coffee-script (>= 2.2.0)
      railties (~> 3.1.0)
    coffee-script (2.2.0)
      coffee-script-source
      execjs
    coffee-script-source (1.2.0)
    crummy (1.5.0)
    devise (2.0.4)
      bcrypt-ruby (~> 3.0)
      orm_adapter (~> 0.0.3)
      railties (~> 3.1)
      warden (~> 1.1.1)
    dragonfly (0.9.10)
      rack
    erubis (2.7.0)
    exception_notification (2.5.2)
      actionmailer (>= 3.0.4)
    execjs (1.3.0)
      multi_json (~> 1.0)
    faker (1.0.0)
      i18n (~> 0.4)
    filters_spam (0.3)
    gem-patching (0.0.3)
    globalize3 (0.2.0)
      activemodel (>= 3.0.0)
      activerecord (>= 3.0.0)
      paper_trail (~> 2)
    has_scope (0.5.1)
    highline (1.6.8)
    hike (1.2.1)
    i18n (0.6.0)
    i18n-missing_translations (0.0.1)
    iconv (0.1)
    inherited_resources (1.3.0)
      has_scope (~> 0.5.0)
      responders (~> 0.6.0)
    jquery-rails (1.0.19)
      railties (~> 3.0)
      thor (~> 0.14)
    json (1.6.5)
    launchy (2.0.5)
      addressable (~> 2.2.6)
    macaddr (1.5.0)
      systemu (>= 2.4.0)
    mail (2.3.0)
      i18n (>= 0.4.0)
      mime-types (~> 1.16)
      treetop (~> 1.4.8)
    mime-types (1.17.2)
    multi_json (1.1.0)
    mysql2 (0.3.10)
    nested_set (1.7.0)
      activerecord (>= 3.0.0)
      railties (>= 3.0.0)
    net-scp (1.0.4)
      net-ssh (>= 1.99.1)
    net-sftp (2.0.5)
      net-ssh (>= 2.0.9)
    net-ssh (2.3.0)
    net-ssh-gateway (1.1.0)
      net-ssh (>= 1.99.1)
    orm_adapter (0.0.6)
    paper_trail (2.6.0)
      rails (~> 3)
    polyglot (0.3.3)
    rack (1.3.6)
    rack-cache (1.2)
      rack (>= 0.4)
    rack-mount (0.8.3)
      rack (>= 1.0.0)
    rack-ssl (1.3.2)
      rack
    rack-test (0.6.1)
      rack (>= 1.0)
    rails (3.1.4)
      actionmailer (= 3.1.4)
      actionpack (= 3.1.4)
      activerecord (= 3.1.4)
      activeresource (= 3.1.4)
      activesupport (= 3.1.4)
      bundler (~> 1.0)
      railties (= 3.1.4)
    railties (3.1.4)
      actionpack (= 3.1.4)
      activesupport (= 3.1.4)
      rack-ssl (~> 1.3.2)
      rake (>= 0.8.7)
      rdoc (~> 3.4)
      thor (~> 0.14.6)
    rake (0.9.2.2)
    rdoc (3.12)
      json (~> 1.4)
    responders (0.6.5)
    routing-filter (0.3.0)
      actionpack
    sass (3.1.15)
    sass-rails (3.1.5)
      actionpack (~> 3.1.0)
      railties (~> 3.1.0)
      sass (~> 3.1.10)
      tilt (~> 1.3.2)
    silence_log_tailer (0.0.1)
    simple_form (2.0.1)
      actionpack (~> 3.0)
      activemodel (~> 3.0)
    sprockets (2.0.3)
      hike (~> 1.2)
      rack (~> 1.0)
      tilt (!= 1.3.0, ~> 1.1)
    systemu (2.4.2)
    thor (0.14.6)
    tilt (1.3.3)
    treetop (1.4.10)
      polyglot
      polyglot (>= 0.3.1)
    truncate_html (0.5.4)
    tzinfo (0.3.32)
    uglifier (1.2.3)
      execjs (>= 0.3.0)
      multi_json (>= 1.0.2)
    uuid (2.3.5)
      macaddr (~> 1.0)
    warden (1.1.1)
      rack (>= 1.0)
    will_paginate (3.0.3)

PLATFORMS
  ruby

DEPENDENCIES
  coffee-rails (~> 3.1.1)
  gko_auth!
  gko_core (= 0.1.74)!
  gko_documents!
  gko_images!
  gko_inquiries!
  iconv
  sass-rails (~> 3.1.5.rc2)
  uglifier (>= 1.0.3)
